GEM
  remote: http://rubygems.org/
  specs:
    multi_json (1.9.2)
    rack (1.5.2)
    rack-protection (1.5.2)
      rack
    redis (2.2.2)
    redis-namespace (1.0.4)
      redis (< 3.0.0)
    resque (1.19.0)
      multi_json (~> 1.0)
      redis-namespace (~> 1.0.2)
      sinatra (>= 0.9.2)
      vegas (~> 0.1.2)
    sinatra (1.4.4)
      rack (~> 1.4)
      rack-protection (~> 1.4)
      tilt (~> 1.3, >= 1.3.4)
    tilt (1.4.1)
    vegas (0.1.11)
      rack (>= 1.0.0)
    vmstat (2.1.0)

PLATFORMS
  ruby

DEPENDENCIES
  resque (= 1.19.0)
  vmstat
